GEM
  remote: https://rubygems.org/
  specs:
    haml (4.0.5)
      tilt
    tilt (2.0.0)

PLATFORMS
  ruby

DEPENDENCIES
  haml
